PATH
  remote: .
  specs:
    agcaldav (0.2.5.4)
      builder
      icalendar
      net-http-digest_auth
      uuid

GEM
  remote: http://my.rubygems.org:3000/
  specs:
    builder (3.2.2)
    diff-lcs (1.2.5)
    fakeweb (1.3.0)
    icalendar (1.4.5)
    macaddr (1.6.1)
      systemu (~> 2.5.0)
    net-http-digest_auth (1.4)
    rspec (2.14.1)
      rspec-core (~> 2.14.0)
      rspec-expectations (~> 2.14.0)
      rspec-mocks (~> 2.14.0)
    rspec-core (2.14.7)
    rspec-expectations (2.14.4)
      diff-lcs (>= 1.1.3, < 2.0)
    rspec-mocks (2.14.4)
    systemu (2.5.2)
    uuid (2.3.7)
      macaddr (~> 1.0)

PLATFORMS
  ruby

DEPENDENCIES
  agcaldav!
  fakeweb
  rspec
